GIT
  remote: git://github.com/ericam/susy.git
  revision: c834b9070cc1fb17d493478114754e25c556d7a5
  tag: 2.0.0.beta.3
  specs:
    susy (2.0.0.beta.3)
      sass (~> 3.3.0.rc.1)

GIT
  remote: git://github.com/fauno/jekyll-pandoc-multiple-formats.git
  revision: abac1ec6e4a74d116a3c122d5ca727a75ee07c6a
  branch: master
  specs:
    jekyll-pandoc-multiple-formats (0.0.6)
      jekyll

GIT
  remote: git://github.com/jekyll/jekyll.git
  revision: 92da39eb6f95a152de8550f70076ea1dc5dd2c5d
  tag: v1.4.2
  specs:
    jekyll (1.4.2)
      classifier (~> 1.3)
      colorator (~> 0.1)
      commander (~> 4.1.3)
      liquid (~> 2.5.2)
      listen (~> 1.3)
      maruku (~> 0.7.0)
      pygments.rb (~> 0.5.0)
      redcarpet (~> 2.3.0)
      safe_yaml (~> 0.9.7)
      toml (~> 0.1.0)

GIT
  remote: git://github.com/jhardy/Sassy-Buttons.git
  revision: 6746c8fb70844771b19a89a19001c2be9e729a96
  specs:
    sassy-buttons (0.2.6)
      compass (>= 0.12.2)

GIT
  remote: git://github.com/pprince/compass.git
  revision: 71608a52307db8037373207b0f7ebe36b9c1fe51
  branch: ppdevel
  specs:
    compass (1.0.0.alpha.17)
      chunky_png (~> 1.2)
      compass-core (~> 1.0.0.alpha.16)
      compass-import-once (~> 1.0.1)
      json
      listen (>= 1.1.0, < 2.0.0)
      sass (~> 3.3.0.rc.1)
    compass-core (1.0.0.alpha.16)
      multi_json (~> 1.0)
      sass (>= 3.3.rc.1)

GIT
  remote: git://github.com/pprince/sass.git
  revision: 3f7e7ed25b0334eaf057ccdaca93edebf2b57cfe
  branch: ppdevel
  specs:
    sass (3.3.0.rc.2)
      listen (>= 1.1.0, < 2.0.0)

GIT
  remote: git://github.com/pprince/sassy_noise.git
  revision: bba2d71111962d2445d71a7e9cd04f08359ede1a
  branch: ppdevel
  specs:
    bluesy-noise (0.5.0)
      chunky_png
      compass

GEM
  remote: https://rubygems.org/
  specs:
    blankslate (2.1.2.4)
    breakpoint (2.4.1)
      compass (~> 1.0.0.alpha.13)
      sass (~> 3.3.0.rc.2)
      sassy-maps (< 1.0.0)
    chunky_png (1.2.9)
    classifier (1.3.4)
      fast-stemmer (>= 1.0.0)
    colorator (0.1)
    commander (4.1.5)
      highline (~> 1.6.11)
    compass-import-once (1.0.2)
    fast-stemmer (1.0.2)
    ffi (1.9.3)
    ffi (1.9.3-x86-mingw32)
    highline (1.6.20)
    json (1.8.1)
    liquid (2.5.5)
    listen (1.3.1)
      rb-fsevent (>= 0.9.3)
      rb-inotify (>= 0.9)
      rb-kqueue (>= 0.2)
    maruku (0.7.1)
    multi_json (1.8.4)
    parslet (1.5.0)
      blankslate (~> 2.0)
    posix-spawn (0.3.8)
    pygments.rb (0.5.4)
      posix-spawn (~> 0.3.6)
      yajl-ruby (~> 1.1.0)
    rb-fsevent (0.9.4)
    rb-inotify (0.9.3)
      ffi (>= 0.5.0)
    rb-kqueue (0.2.0)
      ffi (>= 0.5.0)
    redcarpet (2.3.0)
    safe_yaml (0.9.7)
    sassy-maps (0.3.1)
      compass (~> 1.0.0.alpha.13)
      sass (~> 3.3.0.rc.2)
    toml (0.1.0)
      parslet (~> 1.5.0)
    yajl-ruby (1.1.0)
    yajl-ruby (1.1.0-x86-mingw32)

PLATFORMS
  ruby
  x86-mingw32

DEPENDENCIES
  bluesy-noise!
  breakpoint
  compass!
  jekyll!
  jekyll-pandoc-multiple-formats!
  sass!
  sassy-buttons!
  susy!
